GEM
  remote: https://rubygems.org/
  specs:
    concurrent-ruby (1.1.7)
    faker (2.14.0)
      i18n (>= 1.6, < 2)
    i18n (1.8.5)
      concurrent-ruby (~> 1.0)
    minitest (5.14.2)
    ruby2d (0.9.4)

PLATFORMS
  x64-mingw32

DEPENDENCIES
  faker (~> 2.14)
  minitest (~> 5.14, >= 5.14.2)
  ruby2d (~> 0.9.4)

BUNDLED WITH
   2.1.4
